PATH
  remote: .
  specs:
    coursegen (0.8.0)
      activesupport
      adsf
      byebug
      cri
      guard
      guard-shell
      icalendar
      kramdown
      nanoc
      nokogiri
      rubytree
      thor
      tzinfo

GEM
  remote: https://rubygems.org/
  specs:
    activesupport (6.0.1)
      concurrent-ruby (~> 1.0, >= 1.0.2)
      i18n (>= 0.7, < 2)
      minitest (~> 5.1)
      tzinfo (~> 1.1)
      zeitwerk (~> 2.2)
    addressable (2.7.0)
      public_suffix (>= 2.0.2, < 5.0)
    adsf (1.4.2)
      rack (>= 1.0.0, < 3.0.0)
    byebug (11.0.1)
    coderay (1.1.2)
    colored (1.2)
    concurrent-ruby (1.1.5)
    cri (2.15.9)
    ddmemoize (1.0.0)
      ddmetrics (~> 1.0)
      ref (~> 2.0)
    ddmetrics (1.0.1)
    ddplugin (1.0.2)
    diff-lcs (1.3)
    equatable (0.6.1)
    ffi (1.11.1)
    formatador (0.2.5)
    guard (2.16.1)
      formatador (>= 0.2.4)
      listen (>= 2.7, < 4.0)
      lumberjack (>= 1.0.12, < 2.0)
      nenv (~> 0.1)
      notiffany (~> 0.0)
      pry (>= 0.9.12)
      shellany (~> 0.0)
      thor (>= 0.18.1)
    guard-compat (1.2.1)
    guard-shell (0.7.1)
      guard (>= 2.0.0)
      guard-compat (~> 1.0)
    hamster (3.0.0)
      concurrent-ruby (~> 1.0)
    i18n (1.7.0)
      concurrent-ruby (~> 1.0)
    icalendar (2.5.3)
      ice_cube (~> 0.16)
    ice_cube (0.16.3)
    json (2.2.0)
    json_schema (0.20.8)
    kramdown (2.1.0)
    listen (3.2.0)
      rb-fsevent (~> 0.10, >= 0.10.3)
      rb-inotify (~> 0.9, >= 0.9.10)
    lumberjack (1.0.13)
    method_source (0.9.2)
    mini_portile2 (2.4.0)
    minitest (5.13.0)
    nanoc (4.11.13)
      addressable (~> 2.5)
      colored (~> 1.2)
      nanoc-cli (= 4.11.13)
      nanoc-core (= 4.11.13)
      parallel (~> 1.12)
      tty-command (~> 0.8)
      tty-which (~> 0.4)
    nanoc-cli (4.11.13)
      cri (~> 2.15)
      diff-lcs (~> 1.3)
      nanoc-core (= 4.11.13)
      zeitwerk (~> 2.1)
    nanoc-core (4.11.13)
      ddmemoize (~> 1.0)
      ddmetrics (~> 1.0)
      ddplugin (~> 1.0)
      hamster (~> 3.0)
      json_schema (~> 0.19)
      slow_enumerator_tools (~> 1.0)
      tomlrb (~> 1.2)
      tty-platform (~> 0.2)
      zeitwerk (~> 2.1)
    nenv (0.3.0)
    nokogiri (1.10.5)
      mini_portile2 (~> 2.4.0)
    notiffany (0.1.3)
      nenv (~> 0.1)
      shellany (~> 0.0)
    parallel (1.18.0)
    pastel (0.7.3)
      equatable (~> 0.6)
      tty-color (~> 0.5)
    pry (0.12.2)
      coderay (~> 1.1.0)
      method_source (~> 0.9.0)
    public_suffix (4.0.1)
    rack (2.0.8)
    rake (13.0.0)
    rb-fsevent (0.10.3)
    rb-inotify (0.10.0)
      ffi (~> 1.0)
    ref (2.0.0)
    rubytree (1.0.0)
      json (~> 2.1)
      structured_warnings (~> 0.3)
    shellany (0.0.1)
    slow_enumerator_tools (1.1.0)
    structured_warnings (0.4.0)
    thor (0.20.3)
    thread_safe (0.3.6)
    tomlrb (1.2.8)
    tty-color (0.5.0)
    tty-command (0.9.0)
      pastel (~> 0.7.0)
    tty-platform (0.2.1)
    tty-which (0.4.1)
    tzinfo (1.2.5)
      thread_safe (~> 0.1)
    zeitwerk (2.2.1)

PLATFORMS
  ruby

DEPENDENCIES
  bundler
  coursegen!
  rake

BUNDLED WITH
   1.17.2
